PATH
  remote: .
  specs:
    parallel_report_portal (1.0.0)
      faraday (= 1.0.0.pre.rc1)
      parallel_tests (~> 2.29.1)
      rubytree (~> 1.0)

GEM
  remote: https://rubygems.org/
  specs:
    bump (0.8.0)
    coderay (1.1.2)
    diff-lcs (1.3)
    faraday (1.0.0.pre.rc1)
      multipart-post (>= 1.2, < 3)
    json (2.2.0)
    method_source (0.9.2)
    multipart-post (2.1.1)
    parallel (1.17.0)
    parallel_tests (2.29.1)
      parallel
    pry (0.12.2)
      coderay (~> 1.1.0)
      method_source (~> 0.9.0)
    rake (10.5.0)
    rspec (3.8.0)
      rspec-core (~> 3.8.0)
      rspec-expectations (~> 3.8.0)
      rspec-mocks (~> 3.8.0)
    rspec-core (3.8.2)
      rspec-support (~> 3.8.0)
    rspec-expectations (3.8.4)
      diff-lcs (>= 1.2.0, < 2.0)
      rspec-support (~> 3.8.0)
    rspec-mocks (3.8.1)
      diff-lcs (>= 1.2.0, < 2.0)
      rspec-support (~> 3.8.0)
    rspec-support (3.8.2)
    rubytree (1.0.0)
      json (~> 2.1)
      structured_warnings (~> 0.3)
    structured_warnings (0.3.0)

PLATFORMS
  ruby
  x86_64-darwin-18

DEPENDENCIES
  bump (~> 0.8)
  bundler (~> 2.0)
  parallel_report_portal!
  pry (~> 0.12)
  rake (~> 10.0)
  rspec (~> 3.0)

BUNDLED WITH
   2.0.2
