PATH
  remote: .
  specs:
    parallel_report_portal (0.1.0)
      faraday (= 1.0.0.pre.rc1)
      parallel_tests (~> 2.29.1)

GEM
  remote: https://rubygems.org/
  specs:
    diff-lcs (1.3)
    faraday (1.0.0.pre.rc1)
      multipart-post (>= 1.2, < 3)
    multipart-post (2.1.1)
    parallel (1.17.0)
    parallel_tests (2.29.1)
      parallel
    rake (10.5.0)
    rspec (3.8.0)
      rspec-core (~> 3.8.0)
      rspec-expectations (~> 3.8.0)
      rspec-mocks (~> 3.8.0)
    rspec-core (3.8.2)
      rspec-support (~> 3.8.0)
    rspec-expectations (3.8.4)
      diff-lcs (>= 1.2.0, < 2.0)
      rspec-support (~> 3.8.0)
    rspec-mocks (3.8.1)
      diff-lcs (>= 1.2.0, < 2.0)
      rspec-support (~> 3.8.0)
    rspec-support (3.8.2)

PLATFORMS
  ruby
  x86_64-darwin-18

DEPENDENCIES
  bundler (~> 2.0)
  parallel_report_portal!
  rake (~> 10.0)
  rspec (~> 3.0)

BUNDLED WITH
   2.0.2
