PATH
  remote: .
  specs:
    parallel_report_portal (1.1.4)
      faraday (~> 1.0)
      parallel_tests (~> 2.29.1)
      rubytree (~> 1.0)

GEM
  remote: https://rubygems.org/
  specs:
    bump (0.9.0)
    coderay (1.1.2)
    diff-lcs (1.3)
    faraday (1.0.1)
      multipart-post (>= 1.2, < 3)
    json (2.3.0)
    method_source (1.0.0)
    multipart-post (2.1.1)
    parallel (1.19.1)
    parallel_tests (2.29.2)
      parallel
    pry (0.13.1)
      coderay (~> 1.1)
      method_source (~> 1.0)
    rake (10.5.0)
    rspec (3.9.0)
      rspec-core (~> 3.9.0)
      rspec-expectations (~> 3.9.0)
      rspec-mocks (~> 3.9.0)
    rspec-core (3.9.1)
      rspec-support (~> 3.9.1)
    rspec-expectations (3.9.1)
      diff-lcs (>= 1.2.0, < 2.0)
      rspec-support (~> 3.9.0)
    rspec-mocks (3.9.1)
      diff-lcs (>= 1.2.0, < 2.0)
      rspec-support (~> 3.9.0)
    rspec-support (3.9.2)
    rubytree (1.0.0)
      json (~> 2.1)
      structured_warnings (~> 0.3)
    structured_warnings (0.4.0)

PLATFORMS
  ruby
  x86_64-darwin-18

DEPENDENCIES
  bump (~> 0.8)
  bundler (~> 2.0)
  parallel_report_portal!
  pry (~> 0.12)
  rake (~> 10.0)
  rspec (~> 3.0)

BUNDLED WITH
   2.1.4
